GIT
  remote: git://github.com/cgunther/formtastic-bootstrap.git
  revision: 4e6a7f50153af805470d43a2bd2c9885a902e4a6
  branch: bootstrap2-rails3-2-formtastic-2-1
  specs:
    formtastic-bootstrap (1.1.2)
      formtastic
      rails (>= 3.1.0)

GIT
  remote: git://github.com/justinfrench/formtastic.git
  revision: 7b7428fa4a6a44aea1e8278523f4f45f2570a33d
  branch: 2.1-stable
  specs:
    formtastic (2.1.1)
      actionpack (~> 3.0)

GEM
  remote: https://rubygems.org/
  specs:
    actionmailer (3.2.4)
      actionpack (= 3.2.4)
      mail (~> 2.4.4)
    actionpack (3.2.4)
      activemodel (= 3.2.4)
      activesupport (= 3.2.4)
      builder (~> 3.0.0)
      erubis (~> 2.7.0)
      journey (~> 1.0.1)
      rack (~> 1.4.0)
      rack-cache (~> 1.2)
      rack-test (~> 0.6.1)
      sprockets (~> 2.1.3)
    activemodel (3.2.4)
      activesupport (= 3.2.4)
      builder (~> 3.0.0)
    activerecord (3.2.4)
      activemodel (= 3.2.4)
      activesupport (= 3.2.4)
      arel (~> 3.0.2)
      tzinfo (~> 0.3.29)
    activeresource (3.2.4)
      activemodel (= 3.2.4)
      activesupport (= 3.2.4)
    activesupport (3.2.4)
      i18n (~> 0.6)
      multi_json (~> 1.0)
    airplay (0.2.9.sodabrew)
      dnssd (~> 2.0)
      net-http-digest_auth (~> 1.2)
      net-http-persistent (>= 2.6)
      plist (~> 3.1.0)
    arel (3.0.2)
    builder (3.0.0)
    dnssd (2.0)
    enumerize (0.2.2)
      activesupport (>= 3.1.3)
    erubis (2.7.0)
    googleapps-auth (0.0.7.sodabrew)
      actionpack (>= 2.3.5)
      ruby-openid (= 2.1.8)
    hike (1.2.1)
    i18n (0.6.0)
    imgkit (1.3.6)
    journey (1.0.3)
    jquery-rails (2.0.2)
      railties (>= 3.2.0, < 5.0)
      thor (~> 0.14)
    json (1.7.3)
    mail (2.4.4)
      i18n (>= 0.4.0)
      mime-types (~> 1.16)
      treetop (~> 1.4.8)
    mime-types (1.18)
    multi_json (1.3.6)
    mysql2 (0.3.11)
    net-http-digest_auth (1.2.1)
    net-http-persistent (2.6)
    plist (3.1.0)
    polyglot (0.3.3)
    rack (1.4.1)
    rack-cache (1.2)
      rack (>= 0.4)
    rack-ssl (1.3.2)
      rack
    rack-test (0.6.1)
      rack (>= 1.0)
    rails (3.2.4)
      actionmailer (= 3.2.4)
      actionpack (= 3.2.4)
      activerecord (= 3.2.4)
      activeresource (= 3.2.4)
      activesupport (= 3.2.4)
      bundler (~> 1.0)
      railties (= 3.2.4)
    railties (3.2.4)
      actionpack (= 3.2.4)
      activesupport (= 3.2.4)
      rack-ssl (~> 1.3.2)
      rake (>= 0.8.7)
      rdoc (~> 3.4)
      thor (>= 0.14.6, < 2.0)
    rake (0.9.2.2)
    rdoc (3.12)
      json (~> 1.4)
    ruby-openid (2.1.8)
    sprockets (2.1.3)
      hike (~> 1.2)
      rack (~> 1.0)
      tilt (~> 1.1, != 1.3.0)
    thor (0.15.2)
    tilt (1.3.3)
    treetop (1.4.10)
      polyglot
      polyglot (>= 0.3.1)
    tzinfo (0.3.33)

PLATFORMS
  ruby

DEPENDENCIES
  airplay (= 0.2.9.sodabrew)
  enumerize
  formtastic!
  formtastic-bootstrap!
  googleapps-auth (= 0.0.7.sodabrew)
  imgkit
  jquery-rails
  mysql2
  rails (~> 3.2)
